GIT
  remote: https://github.com/depfutest/devfu.git
  revision: 00d57a4410801816891168d14d5ec03072930bac
  ref: new-version
  specs:
    testfu (2.0.0)

GEM
  remote: https://rubygems.org/
  specs:
    rake (10.5.0)

PLATFORMS
  ruby

DEPENDENCIES
  rake (~> 10.0)
  testfu!

BUNDLED WITH
   1.17.1
