GIT
  remote: https://github.com/depfutest/devfu.git
  revision: b2e5370c56add22da3c99de529a2d0b6a3326914
  ref: new-version
  specs:
    testfu (1.0.0)

GEM
  remote: https://rubygems.org/
  specs:
    rake (13.0.6)

PLATFORMS
  ruby

DEPENDENCIES
  rake (~> 13.0)
  testfu!

BUNDLED WITH
   1.17.1
